PATH
  remote: .
  specs:
    terjira (0.2.6)
      activesupport (= 4.0.13)
      jira-ruby (~> 1.1)
      pastel (~> 0.6.1)
      thor (~> 0.19)
      tty-prompt (~> 0.8)
      tty-spinner (~> 0.4)
      tty-table (~> 0.6)

GEM
  remote: https://rubygems.org/
  specs:
    activesupport (4.0.13)
      i18n (~> 0.6, >= 0.6.9)
      minitest (~> 4.2)
      multi_json (~> 1.3)
      thread_safe (~> 0.1)
      tzinfo (~> 0.3.37)
    codeclimate-test-reporter (1.0.3)
      simplecov
    coderay (1.1.1)
    diff-lcs (1.2.5)
    docile (1.1.5)
    equatable (0.5.0)
    i18n (0.7.0)
    jira-ruby (1.1.3)
      activesupport
      oauth (~> 0.5, >= 0.5.0)
    json (1.8.3)
    method_source (0.8.2)
    minitest (4.7.5)
    multi_json (1.12.1)
    necromancer (0.3.0)
    oauth (0.5.1)
    pastel (0.6.1)
      equatable (~> 0.5.0)
      tty-color (~> 0.3.0)
    pry (0.10.4)
      coderay (~> 1.1.0)
      method_source (~> 0.8.1)
      slop (~> 3.4)
    rake (10.5.0)
    rspec (3.5.0)
      rspec-core (~> 3.5.0)
      rspec-expectations (~> 3.5.0)
      rspec-mocks (~> 3.5.0)
    rspec-core (3.5.4)
      rspec-support (~> 3.5.0)
    rspec-expectations (3.5.0)
      diff-lcs (>= 1.2.0, < 2.0)
      rspec-support (~> 3.5.0)
    rspec-mocks (3.5.0)
      diff-lcs (>= 1.2.0, < 2.0)
      rspec-support (~> 3.5.0)
    rspec-support (3.5.0)
    simplecov (0.11.2)
      docile (~> 1.1.0)
      json (~> 1.8)
      simplecov-html (~> 0.10.0)
    simplecov-html (0.10.0)
    slop (3.6.0)
    thor (0.19.4)
    thread_safe (0.3.5)
    tty-color (0.3.0)
    tty-cursor (0.3.0)
    tty-prompt (0.8.0)
      necromancer (~> 0.3.0)
      pastel (~> 0.6.0)
      tty-cursor (~> 0.3.0)
      wisper (~> 1.6.1)
    tty-screen (0.5.0)
    tty-spinner (0.4.1)
    tty-table (0.6.0)
      equatable (~> 0.5.0)
      necromancer (~> 0.3.0)
      pastel (~> 0.6.0)
      tty-screen (~> 0.5.0)
      unicode-display_width (~> 1.1.0)
      verse (~> 0.5.0)
    tzinfo (0.3.52)
    unicode-display_width (1.1.2)
    unicode_utils (1.4.0)
    verse (0.5.0)
      unicode-display_width (~> 1.1.0)
      unicode_utils (~> 1.4.0)
    wisper (1.6.1)

PLATFORMS
  ruby

DEPENDENCIES
  bundler (~> 1.11)
  codeclimate-test-reporter (~> 1.0)
  pry (~> 0.10.0)
  rake (~> 10.0)
  rspec (~> 3.5)
  simplecov (~> 0)
  terjira!

BUNDLED WITH
   1.11.2
